PATH
  remote: .
  specs:
    brahma_utils (0.0.1)
      connection_pool
      highline
      mysql2
      redis
      sequel

GEM
  remote: https://rubygems.org/
  specs:
    connection_pool (2.0.0)
    highline (1.6.21)
    mysql2 (0.3.15)
    rake (10.3.1)
    redis (3.0.7)
    sequel (4.9.0)

PLATFORMS
  ruby

DEPENDENCIES
  brahma_utils!
  bundler (~> 1.5)
  rake
