PATH
  remote: .
  specs:
    brahma_utils (0.0.1)

GEM
  remote: https://rubygems.org/
  specs:
    rake (10.3.1)

PLATFORMS
  ruby

DEPENDENCIES
  brahma_utils!
  bundler (~> 1.5)
  rake
